GEM
  remote: https://rubygems.org/
  specs:
    hoe (3.14.2)
      rake (>= 0.8, < 11.0)
    mini_portile2 (2.0.0)
    minitest (5.8.2)
    nokogiri (1.6.7)
      mini_portile2 (~> 2.0.0.rc2)
    power_assert (0.2.4)
    rake (10.4.2)
    ruby-ole (1.2.11.8)
    rubyzip (1.1.7)
    test-unit (3.1.5)
      power_assert

PLATFORMS
  ruby

DEPENDENCIES
  hoe (>= 3.4)
  minitest
  nokogiri (>= 1.4.4)
  ruby-ole
  rubyzip (>= 1.0.0)
  test-unit

BUNDLED WITH
   1.13.7
